GIT
  remote: git@github.com:michaelmior/NoSE.git
  revision: f407c09fb1624c548bb52268c7c6bedadab972f7
  branch: no-cli
  specs:
    nose (0.1.0pre)
      cassandra-driver
      faker
      formatador
      logging
      mipper
      mongo
      mysql2
      parallel
      parslet
      pg
      pickup
      pry
      rake
      rbtree
      representable (= 3.0.0)
      ruby-graphviz
      ruby-mysql
      sequel
      smarter_csv

GEM
  remote: https://rubygems.org/
  specs:
    addressable (2.5.0)
      public_suffix (~> 2.0, >= 2.0.2)
    ansi-to-html (0.0.3)
    aruba (0.14.2)
      childprocess (~> 0.5.6)
      contracts (~> 0.9)
      cucumber (>= 1.3.19)
      ffi (~> 1.9.10)
      rspec-expectations (>= 2.99)
      thor (~> 0.19)
    binding_of_caller (0.7.2)
      debug_inspector (>= 0.0.1)
    blankslate (3.1.3)
    bson (4.2.0)
    builder (3.2.2)
    byebug (9.0.6)
    cassandra-driver (3.1.0)
      ione (~> 1.2)
    childprocess (0.5.9)
      ffi (~> 1.0, >= 1.0.11)
    coderay (1.1.1)
    contracts (0.14.0)
    cucumber (2.4.0)
      builder (>= 2.1.2)
      cucumber-core (~> 1.5.0)
      cucumber-wire (~> 0.0.1)
      diff-lcs (>= 1.1.3)
      gherkin (~> 4.0)
      multi_json (>= 1.7.5, < 2.0)
      multi_test (>= 0.1.2)
    cucumber-core (1.5.0)
      gherkin (~> 4.0)
    cucumber-wire (0.0.1)
    debug_inspector (0.0.2)
    declarative (0.0.8)
      uber (>= 0.0.15)
    descriptive_statistics (2.5.1)
    diff-lcs (1.2.5)
    docile (1.1.5)
    fakefs (0.10.0)
    faker (1.6.6)
      i18n (~> 0.5)
    ffi (1.9.14)
    formatador (0.2.5)
    gherkin (4.0.0)
    gruff (0.7.0)
      rmagick (~> 2.13, >= 2.13.4)
    i18n (0.7.0)
    interception (0.5)
    ione (1.2.4)
    json (2.0.2)
    json-schema (2.7.0)
      addressable (>= 2.4)
    little-plugger (1.1.4)
    logging (2.1.0)
      little-plugger (~> 1.1)
      multi_json (~> 1.10)
    memory_profiler (0.9.7)
    method_source (0.8.2)
    mipper (0.0.9)
      ffi (~> 1.9)
    mongo (2.4.0)
      bson (~> 4.2.0)
    multi_json (1.12.1)
    multi_test (0.1.2)
    mysql2 (0.4.5)
    parallel (1.10.0)
    parslet (1.7.1)
      blankslate (>= 2.0, <= 4.0)
    pg (0.19.0)
    pickup (0.0.11)
    pry (0.10.4)
      coderay (~> 1.1.0)
      method_source (~> 0.8.1)
      slop (~> 3.4)
    pry-byebug (3.4.1)
      byebug (~> 9.0)
      pry (~> 0.10)
    pry-doc (0.9.0)
      pry (~> 0.9)
      yard (~> 0.8)
    pry-rescue (1.4.4)
      interception (>= 0.5)
      pry
    pry-stack_explorer (0.4.9.2)
      binding_of_caller (>= 0.7)
      pry (>= 0.9.11)
    public_suffix (2.0.4)
    rake (12.0.0)
    rbtree (0.4.2)
    representable (3.0.0)
      declarative (~> 0.0.5)
      uber (~> 0.0.15)
    rmagick (2.16.0)
    rspec (3.5.0)
      rspec-core (~> 3.5.0)
      rspec-expectations (~> 3.5.0)
      rspec-mocks (~> 3.5.0)
    rspec-collection_matchers (1.1.2)
      rspec-expectations (>= 2.99.0.beta1)
    rspec-core (3.5.4)
      rspec-support (~> 3.5.0)
    rspec-expectations (3.5.0)
      diff-lcs (>= 1.2.0, < 2.0)
      rspec-support (~> 3.5.0)
    rspec-mocks (3.5.0)
      diff-lcs (>= 1.2.0, < 2.0)
      rspec-support (~> 3.5.0)
    rspec-support (3.5.0)
    ruby-graphviz (1.2.2)
    ruby-mysql (2.9.14)
    ruby-prof (0.16.2)
    scrutinizer-ocular (1.0.1)
      simplecov (>= 0.7)
    sequel (4.41.0)
    simplecov (0.12.0)
      docile (~> 1.1.0)
      json (>= 1.8, < 3)
      simplecov-html (~> 0.10.0)
    simplecov-html (0.10.0)
    slop (3.6.0)
    smarter_csv (1.1.1)
    table_print (1.5.6)
    thor (0.19.4)
    uber (0.0.15)
    yard (0.9.5)
    yard-thor (0.0.1)
      thor
      yard

PLATFORMS
  ruby

DEPENDENCIES
  ansi-to-html
  aruba
  binding_of_caller
  cassandra-driver
  descriptive_statistics
  fakefs
  formatador
  gruff
  json-schema
  logging
  memory_profiler
  mongo
  nose!
  parallel
  pry-byebug
  pry-doc
  pry-rescue
  pry-stack_explorer
  rbtree
  representable
  rspec
  rspec-collection_matchers
  ruby-prof
  scrutinizer-ocular
  simplecov
  table_print
  thor
  yard
  yard-thor

BUNDLED WITH
   1.11.2
