PATH
  remote: .
  specs:
    nose-cli (0.1.0pre)
      ansi-to-html (~> 0.0.3)
      descriptive_statistics (~> 2.5.1, >= 2.5.0)
      gruff (~> 0.7.0)
      nose (= 0.1.0pre2)
      representable (= 3.0.0)
      table_print (~> 1.5.6, >= 1.5.0)
      thor (~> 0.19.4)

GEM
  remote: https://rubygems.org/
  specs:
    addressable (2.5.0)
      public_suffix (~> 2.0, >= 2.0.2)
    ansi-to-html (0.0.3)
    aruba (0.14.2)
      childprocess (~> 0.5.6)
      contracts (~> 0.9)
      cucumber (>= 1.3.19)
      ffi (~> 1.9.10)
      rspec-expectations (>= 2.99)
      thor (~> 0.19)
    binding_of_caller (0.7.2)
      debug_inspector (>= 0.0.1)
    blankslate (3.1.3)
    bson (4.2.0)
    builder (3.2.2)
    cassandra-driver (3.1.0)
      ione (~> 1.2)
    childprocess (0.5.9)
      ffi (~> 1.0, >= 1.0.11)
    coderay (1.1.1)
    contracts (0.14.0)
    cucumber (2.4.0)
      builder (>= 2.1.2)
      cucumber-core (~> 1.5.0)
      cucumber-wire (~> 0.0.1)
      diff-lcs (>= 1.1.3)
      gherkin (~> 4.0)
      multi_json (>= 1.7.5, < 2.0)
      multi_test (>= 0.1.2)
    cucumber-core (1.5.0)
      gherkin (~> 4.0)
    cucumber-wire (0.0.1)
    debug_inspector (0.0.2)
    declarative (0.0.8)
      uber (>= 0.0.15)
    descriptive_statistics (2.5.1)
    diff-lcs (1.2.5)
    docile (1.1.5)
    fakefs (0.10.1)
    faker (1.6.6)
      i18n (~> 0.5)
    ffi (1.9.14)
    formatador (0.2.5)
    gherkin (4.0.0)
    gruff (0.7.0)
      rmagick (~> 2.13, >= 2.13.4)
    i18n (0.7.0)
    interception (0.5)
    ione (1.2.4)
    json (2.0.2)
    json-schema (2.7.0)
      addressable (>= 2.4)
    little-plugger (1.1.4)
    logging (2.1.0)
      little-plugger (~> 1.1)
      multi_json (~> 1.10)
    method_source (0.8.2)
    mipper (0.0.9)
      ffi (~> 1.9)
    mongo (2.4.0)
      bson (~> 4.2.0)
    multi_json (1.12.1)
    multi_test (0.1.2)
    mysql2 (0.4.5)
    nose (0.1.0pre2)
      cassandra-driver (~> 3.1.0, >= 3.1.0)
      faker (~> 1.6.6, >= 1.6.0)
      formatador (~> 0.2.5)
      logging (~> 2.1.0, >= 2.1.0)
      mipper (~> 0.0.9)
      mongo (~> 2.4.0, >= 2.4.0)
      mysql2 (~> 0.4.5)
      parallel (~> 1.10.0, >= 1.10.0)
      parslet (~> 1.7.1, >= 1.7.0)
      pg (~> 0.19.0)
      pickup (~> 0.0.11)
      pry (~> 0.10.4)
      rake (~> 12.0.0, >= 12.0.0)
      rbtree (~> 0.4.2)
      representable (~> 3.0.0, >= 3.0.0)
      ruby-graphviz (~> 1.2.2, >= 1.2.0)
      ruby-mysql (~> 2.9.14, >= 2.9.0)
      sequel (~> 4.41.0, >= 4.41.0)
      smarter_csv (~> 1.1.1, >= 1.1.0)
    parallel (1.10.0)
    parslet (1.7.1)
      blankslate (>= 2.0, <= 4.0)
    pg (0.19.0)
    pickup (0.0.11)
    pry (0.10.4)
      coderay (~> 1.1.0)
      method_source (~> 0.8.1)
      slop (~> 3.4)
    pry-rescue (1.4.4)
      interception (>= 0.5)
      pry
    public_suffix (2.0.4)
    rake (12.0.0)
    rbtree (0.4.2)
    representable (3.0.0)
      declarative (~> 0.0.5)
      uber (~> 0.0.15)
    rmagick (2.16.0)
    rspec (3.5.0)
      rspec-core (~> 3.5.0)
      rspec-expectations (~> 3.5.0)
      rspec-mocks (~> 3.5.0)
    rspec-collection_matchers (1.1.2)
      rspec-expectations (>= 2.99.0.beta1)
    rspec-core (3.5.4)
      rspec-support (~> 3.5.0)
    rspec-expectations (3.5.0)
      diff-lcs (>= 1.2.0, < 2.0)
      rspec-support (~> 3.5.0)
    rspec-mocks (3.5.0)
      diff-lcs (>= 1.2.0, < 2.0)
      rspec-support (~> 3.5.0)
    rspec-support (3.5.0)
    ruby-graphviz (1.2.2)
    ruby-mysql (2.9.14)
    scrutinizer-ocular (1.0.1)
      simplecov (>= 0.7)
    sequel (4.41.0)
    simplecov (0.12.0)
      docile (~> 1.1.0)
      json (>= 1.8, < 3)
      simplecov-html (~> 0.10.0)
    simplecov-html (0.10.0)
    slop (3.6.0)
    smarter_csv (1.1.1)
    table_print (1.5.6)
    thor (0.19.4)
    uber (0.0.15)

PLATFORMS
  ruby

DEPENDENCIES
  aruba (~> 0.14.2)
  binding_of_caller (~> 0.7.2)
  fakefs (~> 0.10.1)
  json-schema (~> 2.7.0, >= 2.7.0)
  nose-cli!
  pry-rescue (~> 1.4.4, >= 1.4.0)
  rspec (~> 3.5.0, >= 3.5.0)
  rspec-collection_matchers (~> 1.1.2, >= 1.1.0)
  rspec-core (~> 3.5.4, >= 3.5.0)
  scrutinizer-ocular (~> 1.0.1, >= 1.0.0)
  simplecov (~> 0.12.0)

BUNDLED WITH
   1.13.6
